PATH
  remote: .
  specs:
    adulttime_dl (0.1.0)
      algolia
      colorize (~> 0.8.1)
      dry-struct (~> 1.4)
      dry-types (~> 1.5)
      httparty (~> 0.20.0)
      nokogiri (~> 1.13)
      parallel (~> 1.22)
      thor (~> 1.2)

GEM
  remote: https://rubygems.org/
  specs:
    algolia (2.2.5)
      faraday (>= 0.15, < 2.0)
      multi_json (~> 1.0)
      net-http-persistent
    ast (2.4.2)
    coderay (1.1.3)
    colorize (0.8.1)
    concurrent-ruby (1.1.10)
    connection_pool (2.2.5)
    diff-lcs (1.5.0)
    dry-configurable (0.15.0)
      concurrent-ruby (~> 1.0)
      dry-core (~> 0.6)
    dry-container (0.9.0)
      concurrent-ruby (~> 1.0)
      dry-configurable (~> 0.13, >= 0.13.0)
    dry-core (0.7.1)
      concurrent-ruby (~> 1.0)
    dry-inflector (0.2.1)
    dry-initializer (3.1.1)
    dry-logic (1.2.0)
      concurrent-ruby (~> 1.0)
      dry-core (~> 0.5, >= 0.5)
    dry-schema (1.9.3)
      concurrent-ruby (~> 1.0)
      dry-configurable (~> 0.13, >= 0.13.0)
      dry-core (~> 0.5, >= 0.5)
      dry-initializer (~> 3.0)
      dry-logic (~> 1.0)
      dry-types (~> 1.5)
    dry-struct (1.4.0)
      dry-core (~> 0.5, >= 0.5)
      dry-types (~> 1.5)
      ice_nine (~> 0.11)
    dry-types (1.5.1)
      concurrent-ruby (~> 1.0)
      dry-container (~> 0.3)
      dry-core (~> 0.5, >= 0.5)
      dry-inflector (~> 0.1, >= 0.1.2)
      dry-logic (~> 1.0, >= 1.0.2)
    dry-validation (1.8.1)
      concurrent-ruby (~> 1.0)
      dry-container (~> 0.7, >= 0.7.1)
      dry-core (~> 0.5, >= 0.5)
      dry-initializer (~> 3.0)
      dry-schema (~> 1.8, >= 1.8.0)
    faraday (1.10.0)
      faraday-em_http (~> 1.0)
      faraday-em_synchrony (~> 1.0)
      faraday-excon (~> 1.1)
      faraday-httpclient (~> 1.0)
      faraday-multipart (~> 1.0)
      faraday-net_http (~> 1.0)
      faraday-net_http_persistent (~> 1.0)
      faraday-patron (~> 1.0)
      faraday-rack (~> 1.0)
      faraday-retry (~> 1.0)
      ruby2_keywords (>= 0.0.4)
    faraday-em_http (1.0.0)
    faraday-em_synchrony (1.0.0)
    faraday-excon (1.1.0)
    faraday-httpclient (1.0.1)
    faraday-multipart (1.0.4)
      multipart-post (~> 2)
    faraday-net_http (1.0.1)
    faraday-net_http_persistent (1.2.0)
    faraday-patron (1.0.0)
    faraday-rack (1.0.0)
    faraday-retry (1.0.3)
    httparty (0.20.0)
      mime-types (~> 3.0)
      multi_xml (>= 0.5.2)
    ice_nine (0.11.2)
    method_source (1.0.0)
    mime-types (3.4.1)
      mime-types-data (~> 3.2015)
    mime-types-data (3.2022.0105)
    multi_json (1.15.0)
    multi_xml (0.6.0)
    multipart-post (2.2.3)
    net-http-persistent (4.0.1)
      connection_pool (~> 2.2)
    nokogiri (1.13.6-x86_64-darwin)
      racc (~> 1.4)
    parallel (1.22.1)
    parser (3.1.2.0)
      ast (~> 2.4.1)
    pry (0.14.1)
      coderay (~> 1.1)
      method_source (~> 1.0)
    racc (1.6.0)
    rainbow (3.1.1)
    rake (13.0.6)
    rbs (2.5.0)
    regexp_parser (2.5.0)
    rexml (3.2.5)
    rspec (3.11.0)
      rspec-core (~> 3.11.0)
      rspec-expectations (~> 3.11.0)
      rspec-mocks (~> 3.11.0)
    rspec-core (3.11.0)
      rspec-support (~> 3.11.0)
    rspec-expectations (3.11.0)
      diff-lcs (>= 1.2.0, < 2.0)
      rspec-support (~> 3.11.0)
    rspec-mocks (3.11.1)
      diff-lcs (>= 1.2.0, < 2.0)
      rspec-support (~> 3.11.0)
    rspec-support (3.11.0)
    rubocop (1.30.1)
      parallel (~> 1.10)
      parser (>= 3.1.0.0)
      rainbow (>= 2.2.2, < 4.0)
      regexp_parser (>= 1.8, < 3.0)
      rexml (>= 3.2.5, < 4.0)
      rubocop-ast (>= 1.18.0, < 2.0)
      ruby-progressbar (~> 1.7)
      unicode-display_width (>= 1.4.0, < 3.0)
    rubocop-ast (1.18.0)
      parser (>= 3.1.1.0)
    ruby-progressbar (1.11.0)
    ruby2_keywords (0.0.5)
    thor (1.2.1)
    typeprof (0.21.2)
      rbs (>= 1.8.1)
    unicode-display_width (2.1.0)

PLATFORMS
  x86_64-darwin-21

DEPENDENCIES
  adulttime_dl!
  dry-schema (~> 1.9)
  dry-validation (~> 1.8)
  pry (~> 0.14.1)
  rake (~> 13.0)
  rbs (~> 2.5)
  rspec (~> 3.0)
  rubocop (~> 1.21)
  typeprof (~> 0.21.2)

BUNDLED WITH
   2.3.14
